PATH
  remote: .
  specs:
    ba_beer_ranking (0.1.0)

GEM
  remote: https://rubygems.org/
  specs:
    rake (13.0.3)

PLATFORMS
  x86_64-linux

DEPENDENCIES
  ba_beer_ranking!
  bundler (~> 2.0)
  rake (~> 13.0)

BUNDLED WITH
   2.2.16
